GEM
  remote: https://rubygems.org/
  specs:
    coveralls (0.7.9)
      multi_json (~> 1.10)
      rest-client (~> 1.7)
      simplecov (~> 0.9.1)
      term-ansicolor (~> 1.3)
      thor (~> 0.19.1)
    docile (1.1.5)
    git (1.2.9.1)
    json (1.8.2)
    mime-types (2.4.3)
    minitest (4.7.5)
    multi_json (1.10.1)
    netrc (0.10.2)
    rake (0.9.2.2)
    rake-compiler (0.7.9)
      rake
    rdoc (4.2.0)
      json (~> 1.4)
    rest-client (1.7.2)
      mime-types (>= 1.16, < 3.0)
      netrc (~> 0.7)
    rubygems-tasks (0.2.4)
    shoulda-context (1.1.6)
    simplecov (0.9.1)
      docile (~> 1.1.0)
      multi_json (~> 1.0)
      simplecov-html (~> 0.8.0)
    simplecov-html (0.8.0)
    term-ansicolor (1.3.0)
      tins (~> 1.0)
    thor (0.19.1)
    tins (1.3.4)

PLATFORMS
  ruby

DEPENDENCIES
  coveralls
  git
  minitest (~> 4.7.0)
  rake (>= 0.9.2)
  rake-compiler (>= 0.6.0)
  rdoc
  rubygems-tasks
  shoulda-context (~> 1.1.6)
